GEM
  remote: http://rubygems.org/
  specs:
    builder (3.2.2)
    childprocess (0.5.9)
      ffi (~> 1.0, >= 1.0.11)
    cucumber (2.3.2)
      builder (>= 2.1.2)
      cucumber-core (~> 1.4.0)
      cucumber-wire (~> 0.0.1)
      diff-lcs (>= 1.1.3)
      gherkin (~> 3.2.0)
      multi_json (>= 1.7.5, < 2.0)
      multi_test (>= 0.1.2)
    cucumber-core (1.4.0)
      gherkin (~> 3.2.0)
    cucumber-wire (0.0.1)
    data_magic (0.22)
      faker (>= 1.1.2)
      yml_reader (>= 0.6)
    diff-lcs (1.2.5)
    domain_name (0.5.20160216)
      unf (>= 0.0.5, < 1.0.0)
    facets (3.0.0)
    faker (1.6.3)
      i18n (~> 0.5)
    ffi (1.9.10-x64-mingw32)
    ffi (1.9.10-x86-mingw32)
    gherkin (3.2.0)
    http-cookie (1.0.2)
      domain_name (~> 0.5)
    i18n (0.7.0)
    json (1.8.3)
    mime-types (2.99.1)
    mini_portile2 (2.0.0)
    multi_json (1.11.2)
    multi_test (0.1.2)
    net-http-persistent (2.9.4)
    netrc (0.11.0)
    nokogiri (1.6.7.2-x64-mingw32)
      mini_portile2 (~> 2.0.0.rc2)
    nokogiri (1.6.7.2-x86-mingw32)
      mini_portile2 (~> 2.0.0.rc2)
    page-object (1.1.1)
      page_navigation (>= 0.9)
      selenium-webdriver (>= 2.44.0)
      watir-webdriver (>= 0.6.11)
    page_navigation (0.9)
      data_magic (>= 0.14)
    psych (2.0.17)
    rake (10.5.0)
    require_all (1.3.3)
    rest-client (1.8.0-x64-mingw32)
      ffi (~> 1.9)
      http-cookie (>= 1.0.2, < 2.0)
      mime-types (>= 1.16, < 3.0)
      netrc (~> 0.7)
    rest-client (1.8.0-x86-mingw32)
      ffi (~> 1.9)
      http-cookie (>= 1.0.2, < 2.0)
      mime-types (>= 1.16, < 3.0)
      netrc (~> 0.7)
    rspec (3.4.0)
      rspec-core (~> 3.4.0)
      rspec-expectations (~> 3.4.0)
      rspec-mocks (~> 3.4.0)
    rspec-core (3.4.3)
      rspec-support (~> 3.4.0)
    rspec-expectations (3.4.0)
      diff-lcs (>= 1.2.0, < 2.0)
      rspec-support (~> 3.4.0)
    rspec-mocks (3.4.1)
      diff-lcs (>= 1.2.0, < 2.0)
      rspec-support (~> 3.4.0)
    rspec-support (3.4.1)
    rubyXL (3.3.16)
      nokogiri (>= 1.4.4)
      rubyzip (>= 1.1.6)
    rubyzip (1.2.0)
    sauce_whisk (0.0.21)
      json (~> 1.8.1)
      rest-client (~> 1.8.0)
    saucelabs (0.5)
      net-http-persistent
      selenium-webdriver
      watir-webdriver (>= 0.6.9)
    selenium-webdriver (2.50.0)
      childprocess (~> 0.5)
      multi_json (~> 1.0)
      rubyzip (~> 1.0)
      websocket (~> 1.0)
    unf (0.1.4)
      unf_ext
    unf_ext (0.0.7.2-x64-mingw32)
    unf_ext (0.0.7.2-x86-mingw32)
    watir-webdriver (0.9.1)
      selenium-webdriver (>= 2.46.2)
    webdriver-user-agent (7.4)
      facets
      json
      psych
      selenium-webdriver
    websocket (1.2.2)
    yml_reader (0.7)

PLATFORMS
  x64-mingw32
  x86-mingw32

DEPENDENCIES
  cucumber (= 2.3.2)
  data_magic
  nokogiri
  page-object
  rake
  require_all
  rspec
  rubyXL
  sauce_whisk
  saucelabs
  selenium-webdriver (= 2.50.0)
  watir-webdriver
  webdriver-user-agent

BUNDLED WITH
   1.11.2
